GEM
  remote: https://rubygems.org/
  specs:
    mini_portile2 (2.1.0)
    nokogiri (1.6.8)
      mini_portile2 (~> 2.1.0)
      pkg-config (~> 1.1.7)
    open-uri-cached (0.0.5)
    pkg-config (1.1.7)
    rake (11.2.2)

PLATFORMS
  ruby

DEPENDENCIES
  nokogiri
  open-uri-cached
  rake

BUNDLED WITH
   1.11.2
