GEM
  remote: https://rubygems.org/
  specs:
    axlsx (3.0.0.pre)
      htmlentities (~> 4.3, >= 4.3.4)
      mimemagic (~> 0.3)
      nokogiri (~> 1.8, >= 1.8.2)
      rubyzip (~> 1.2, >= 1.2.1)
    htmlentities (4.3.4)
    mimemagic (0.3.2)
    mini_portile2 (2.3.0)
    nokogiri (1.8.2)
      mini_portile2 (~> 2.3.0)
    open-uri-cached (0.0.5)
    open_uri_redirections (0.2.1)
    rake (13.0.1)
    ruby-ole (1.2.12.1)
    rubyzip (1.3.0)
    spreadsheet (1.1.5)
      ruby-ole (>= 1.0)

PLATFORMS
  ruby

DEPENDENCIES
  axlsx (~> 3.0.0.pre.pre)
  nokogiri
  open-uri-cached
  open_uri_redirections
  rake
  spreadsheet

BUNDLED WITH
   1.16.2
