GEM
  remote: https://rubygems.org/
  specs:
    axlsx (2.0.1)
      htmlentities (~> 4.3.1)
      nokogiri (>= 1.4.1)
      rubyzip (~> 1.0.0)
    htmlentities (4.3.4)
    mini_portile2 (2.1.0)
    nokogiri (1.6.8)
      mini_portile2 (~> 2.1.0)
      pkg-config (~> 1.1.7)
    open-uri-cached (0.0.5)
    open_uri_redirections (0.2.1)
    pkg-config (1.1.7)
    rake (11.2.2)
    ruby-ole (1.2.11.8)
    rubyzip (1.0.0)
    spreadsheet (1.1.0)
      ruby-ole (>= 1.0)

PLATFORMS
  ruby

DEPENDENCIES
  axlsx
  nokogiri
  open-uri-cached
  open_uri_redirections
  rake
  spreadsheet

BUNDLED WITH
   1.11.2
